PATH
  remote: .
  specs:
    motion_yak (0.0.17)
      bubble-wrap

GEM
  remote: http://rubygems.org/
  specs:
    bubble-wrap (1.1.4)

PLATFORMS
  ruby

DEPENDENCIES
  motion_yak!
